GEM
  remote: https://rubygems.org/
  specs:
    byebug (11.0.1)
    minitest (5.11.3)

PLATFORMS
  ruby

DEPENDENCIES
  byebug
  minitest

BUNDLED WITH
   1.17.2
